GEM
  remote: http://rubygems.org/
  specs:
    daemons (1.2.3)
    eventmachine (1.0.9.1)
    rack (1.6.13)
    rack-protection (1.5.5)
      rack
    rmagick (2.15.4)
    sass (3.4.21)
    sinatra (1.4.7)
      rack (~> 1.5)
      rack-protection (~> 1.4)
      tilt (>= 1.3, < 3)
    thin (1.6.4)
      daemons (~> 1.0, >= 1.0.9)
      eventmachine (~> 1.0, >= 1.0.4)
      rack (~> 1.0)
    tilt (2.0.2)

PLATFORMS
  ruby

DEPENDENCIES
  rmagick
  sass
  sinatra
  thin

BUNDLED WITH
   1.11.2
